GEM
  remote: https://rubygems.org/
  specs:
    rake (10.5.0)
    sass (3.4.21)
    scss_lint (0.47.1)
      rake (>= 0.9, < 11)
      sass (~> 3.4.15)

PLATFORMS
  ruby

DEPENDENCIES
  sass
  scss_lint

BUNDLED WITH
   1.11.2
